GEM
  remote: http://rubygems.org/
  specs:
    google-protobuf (3.0.2)

PLATFORMS
  ruby

DEPENDENCIES
  google-protobuf (~> 3.0, >= 3.0.2)

BUNDLED WITH
   1.13.1
